GIT
  remote: https://github.com/kchien/kindleclippings.git
  revision: 9e0a6881f12ffd954be854af9ccf7c578f53e725
  specs:
    kindleclippings (1.3.1)

GEM
  remote: http://rubygems.org/
  specs:
    diff-lcs (1.1.3)
    fakefs (0.4.0)
    rake (0.9.2.2)
    rspec (2.8.0)
      rspec-core (~> 2.8.0)
      rspec-expectations (~> 2.8.0)
      rspec-mocks (~> 2.8.0)
    rspec-core (2.8.0)
    rspec-expectations (2.8.0)
      diff-lcs (~> 1.1.2)
    rspec-mocks (2.8.0)

PLATFORMS
  ruby

DEPENDENCIES
  fakefs
  kindleclippings (= 1.3.1)!
  rake
  rspec
